PATH
  remote: .
  specs:
    petli (0.0.2)
      pastel (~> 0.8.0)
      tty-box (~> 0.7.0)
      tty-color (~> 0.6.0)
      tty-cursor (~> 0.7.1)
      tty-platform (~> 0.3.0)
      tty-reader (~> 0.9.0)
      tty-screen (~> 0.8.1)

GEM
  remote: https://rubygems.org/
  specs:
    pastel (0.8.0)
      tty-color (~> 0.5)
    strings (0.2.1)
      strings-ansi (~> 0.2)
      unicode-display_width (>= 1.5, < 3.0)
      unicode_utils (~> 1.4)
    strings-ansi (0.2.0)
    tty-box (0.7.0)
      pastel (~> 0.8)
      strings (~> 0.2.0)
      tty-cursor (~> 0.7)
    tty-color (0.6.0)
    tty-cursor (0.7.1)
    tty-platform (0.3.0)
    tty-reader (0.9.0)
      tty-cursor (~> 0.7)
      tty-screen (~> 0.8)
      wisper (~> 2.0)
    tty-screen (0.8.1)
    unicode-display_width (2.1.0)
    unicode_utils (1.4.0)
    wisper (2.0.1)

PLATFORMS
  arm64-darwin-20
  x86_64-darwin-20

DEPENDENCIES
  petli!

BUNDLED WITH
   2.2.3
